GEM
  remote: https://rubygems.org/
  specs:
    diff-lcs (1.5.0)
    mini_portile2 (2.8.0)
    multi_json (1.15.0)
    mustermann (3.0.0)
      ruby2_keywords (~> 0.0.1)
    nio4r (2.5.8)
    nokogiri (1.13.10)
      mini_portile2 (~> 2.8.0)
      racc (~> 1.4)
    puma (6.0.0)
      nio4r (~> 2.0)
    racc (1.6.1)
    rack (2.2.6.3)
    rack-protection (3.0.4)
      rack
    rack-test (2.0.2)
      rack (>= 1.3)
    rexml (3.2.5)
    rspec (3.12.0)
      rspec-core (~> 3.12.0)
      rspec-expectations (~> 3.12.0)
      rspec-mocks (~> 3.12.0)
    rspec-core (3.12.0)
      rspec-support (~> 3.12.0)
    rspec-expectations (3.12.0)
      diff-lcs (>= 1.2.0, < 2.0)
      rspec-support (~> 3.12.0)
    rspec-mocks (3.12.0)
      diff-lcs (>= 1.2.0, < 2.0)
      rspec-support (~> 3.12.0)
    rspec-support (3.12.0)
    rss (0.2.9)
      rexml
    ruby2_keywords (0.0.5)
    sinatra (3.0.4)
      mustermann (~> 3.0)
      rack (~> 2.2, >= 2.2.4)
      rack-protection (= 3.0.4)
      tilt (~> 2.0)
    sinatra-contrib (3.0.4)
      multi_json
      mustermann (~> 3.0)
      rack-protection (= 3.0.4)
      sinatra (= 3.0.4)
      tilt (~> 2.0)
    slim (4.1.0)
      temple (>= 0.7.6, < 0.9)
      tilt (>= 2.0.6, < 2.1)
    temple (0.8.2)
    tilt (2.0.11)
    timecop (0.9.5)
    wareki (1.1.0)
      ya_kansuji (> 0.0.9, < 2.0.0)
    ya_kansuji (0.2.0)

PLATFORMS
  ruby

DEPENDENCIES
  nokogiri (~> 1.13)
  puma (~> 6.0)
  rack-test (~> 2.0)
  rspec (~> 3.9)
  rss (~> 0.2.9)
  sinatra (~> 3.0)
  sinatra-contrib (~> 3.0)
  slim (~> 4.0)
  timecop (~> 0.9.2)
  wareki (~> 1.1)

RUBY VERSION
   ruby 3.1.3p185

BUNDLED WITH
   2.2.19
