GEM
  remote: https://rubygems.org/
  specs:
    backports (3.18.1)
    diff-lcs (1.4.4)
    mini_portile2 (2.5.3)
    multi_json (1.15.0)
    mustermann (1.1.1)
      ruby2_keywords (~> 0.0.1)
    nio4r (2.5.7)
    nokogiri (1.11.7)
      mini_portile2 (~> 2.5.0)
      racc (~> 1.4)
    puma (5.3.1)
      nio4r (~> 2.0)
    racc (1.5.2)
    rack (2.2.3)
    rack-protection (2.0.8.1)
      rack
    rack-test (1.1.0)
      rack (>= 1.0, < 3)
    rexml (3.2.5)
    rspec (3.9.0)
      rspec-core (~> 3.9.0)
      rspec-expectations (~> 3.9.0)
      rspec-mocks (~> 3.9.0)
    rspec-core (3.9.2)
      rspec-support (~> 3.9.3)
    rspec-expectations (3.9.2)
      diff-lcs (>= 1.2.0, < 2.0)
      rspec-support (~> 3.9.0)
    rspec-mocks (3.9.1)
      diff-lcs (>= 1.2.0, < 2.0)
      rspec-support (~> 3.9.0)
    rspec-support (3.9.3)
    rss (0.2.9)
      rexml
    ruby2_keywords (0.0.2)
    sinatra (2.0.8.1)
      mustermann (~> 1.0)
      rack (~> 2.0)
      rack-protection (= 2.0.8.1)
      tilt (~> 2.0)
    sinatra-contrib (2.0.8.1)
      backports (>= 2.8.2)
      multi_json
      mustermann (~> 1.0)
      rack-protection (= 2.0.8.1)
      sinatra (= 2.0.8.1)
      tilt (~> 2.0)
    slim (4.1.0)
      temple (>= 0.7.6, < 0.9)
      tilt (>= 2.0.6, < 2.1)
    temple (0.8.2)
    tilt (2.0.10)
    timecop (0.9.2)
    wareki (1.1.0)
      ya_kansuji (> 0.0.9, < 2.0.0)
    ya_kansuji (0.2.0)

PLATFORMS
  ruby

DEPENDENCIES
  nokogiri (~> 1.10)
  puma (~> 5.3)
  rack-test (~> 1.1)
  rspec (~> 3.9)
  rss (~> 0.2.9)
  sinatra (~> 2.0)
  sinatra-contrib (~> 2.0)
  slim (~> 4.0)
  timecop (~> 0.9.2)
  wareki (~> 1.1)

RUBY VERSION
   ruby 2.7.2p137

BUNDLED WITH
   2.1.4
